GEM
  remote: http://rubygems.org/
  specs:
    activesupport (7.0.4.1)
      concurrent-ruby (~> 1.0, >= 1.0.2)
      i18n (>= 1.6, < 2)
      minitest (>= 5.1)
      tzinfo (~> 2.0)
    bson (1.0.7)
    bson_ext (1.0.7)
    concurrent-ruby (1.1.10)
    daemons (1.1.0)
    eventmachine (0.12.10)
    haml (3.0.21)
    http_router (0.11.2)
      rack (>= 1.0.0)
      url_mount (~> 0.2.1)
    i18n (1.12.0)
      concurrent-ruby (~> 1.0)
    jnunemaker-validatable (1.8.4)
      activesupport (>= 2.3.4)
    mail (2.2.7)
      activesupport (>= 2.3.6)
      mime-types
      treetop (>= 1.4.5)
    mime-types (1.16)
    minitest (5.17.0)
    mongo (1.0.8)
      bson (>= 1.0.5)
    mongo_mapper (0.8.4)
      activesupport (>= 2.3.4)
      jnunemaker-validatable (~> 1.8.4)
      plucky (~> 0.3.5)
    mustermann (3.0.0)
      ruby2_keywords (~> 0.0.1)
    padrino (0.9.14)
      padrino-admin (= 0.9.14)
      padrino-core (= 0.9.14)
      padrino-gen (= 0.9.14)
      padrino-helpers (= 0.9.14)
      padrino-mailer (= 0.9.14)
    padrino-admin (0.9.14)
      padrino-core (= 0.9.14)
      padrino-gen (= 0.9.14)
      padrino-helpers (= 0.9.14)
    padrino-core (0.9.14)
      activesupport (>= 2.3.8)
      http_router (>= 0.3.0)
      sinatra (>= 1.0.0)
      thor (>= 0.13.0)
    padrino-gen (0.9.14)
      bundler (>= 0.9.7)
      padrino-core (= 0.9.14)
    padrino-helpers (0.9.14)
      i18n (>= 0.4.1)
      padrino-core (= 0.9.14)
    padrino-mailer (0.9.14)
      mail (>= 2.2.0)
      padrino-core (= 0.9.14)
    plucky (0.3.5)
      mongo (~> 1.0.8)
    polyglot (0.3.1)
    rack (2.2.6.2)
    rack-flash (0.1.1)
      rack
    rack-protection (3.0.5)
      rack
    rake (0.8.7)
    ruby2_keywords (0.0.5)
    sinatra (3.0.5)
      mustermann (~> 3.0)
      rack (~> 2.2, >= 2.2.4)
      rack-protection (= 3.0.5)
      tilt (~> 2.0)
    thin (1.2.7)
      daemons (>= 1.0.9)
      eventmachine (>= 0.12.6)
      rack (>= 1.0.0)
    thor (1.2.1)
    tilt (2.0.11)
    treetop (1.4.8)
      polyglot (>= 0.3.1)
    tzinfo (2.0.5)
      concurrent-ruby (~> 1.0)
    url_mount (0.2.1)
      rack

PLATFORMS
  ruby

DEPENDENCIES
  bson_ext
  haml
  mongo_mapper
  padrino (= 0.9.14)
  rack-flash
  rake
  thin
